GEM
  specs:
    activesupport (4.1.0)
      i18n (~> 0.6, >= 0.6.9)
      json (~> 1.7, >= 1.7.7)
      minitest (~> 5.1)
      thread_safe (~> 0.1)
      tzinfo (~> 1.1)
    i18n (0.6.9)
    json (1.8.1)
    middleware (0.1.0)
    minitest (5.3.2)
    multi_json (1.9.2)
    protobuf (3.0.4)
      activesupport (>= 3.2)
      middleware
      multi_json
      thor
    thor (0.19.1)
    thread_safe (0.3.3)
    tzinfo (1.1.0)
      thread_safe (~> 0.1)

PLATFORMS
  ruby

DEPENDENCIES
  protobuf (~> 3.0.4)
